GEM
  remote: https://rubygems.org/
  specs:
    srt (0.0.10)

PLATFORMS
  ruby

DEPENDENCIES
  srt
